GEM
  remote: https://rubygems.org/
  specs:
    ansi (1.5.0)
    backports (3.6.6)
    builder (3.2.2)
    coderay (1.1.0)
    daemons (1.2.3)
    dotenv (1.0.2)
    eventmachine (1.0.8)
    method_source (0.8.2)
    minitest (5.7.0)
    minitest-reporters (1.0.20)
      ansi
      builder
      minitest (>= 5.0)
      ruby-progressbar
    multi_json (1.11.2)
    pry (0.10.1)
      coderay (~> 1.1.0)
      method_source (~> 0.8.1)
      slop (~> 3.4)
    rack (1.6.4)
    rack-protection (1.5.3)
      rack
    rack-test (0.6.3)
      rack (>= 1.0)
    ruby-progressbar (1.7.5)
    sinatra (1.4.6)
      rack (~> 1.4)
      rack-protection (~> 1.4)
      tilt (>= 1.3, < 3)
    sinatra-contrib (1.4.6)
      backports (>= 2.0)
      multi_json
      rack-protection
      rack-test
      sinatra (~> 1.4.0)
      tilt (>= 1.3, < 3)
    slop (3.6.0)
    thin (1.6.3)
      daemons (~> 1.0, >= 1.0.9)
      eventmachine (~> 1.0)
      rack (~> 1.0)
    tilt (2.0.1)

PLATFORMS
  ruby

DEPENDENCIES
  dotenv
  minitest
  minitest-reporters
  pry
  rack-test
  sinatra
  sinatra-contrib
  thin

BUNDLED WITH
   1.10.5
